{
	"Modality": "MR",
	"MagneticFieldStrength": 3,
	"ImagingFrequency": 127.762,
	"Manufacturer": "GE",
	"ManufacturersModelName": "SIGNA_Premier",
	"InstitutionName": "Lucas_Center",
	"DeviceSerialNumber": "0000415723SHMR18",
	"StationName": "No2",
	"BodyPartExamined": "BRAIN",
	"PatientPosition": "HFS",
	"SoftwareVersions": "29_LX_RX29.1_R02_2131.a",
	"MRAcquisitionType": "3D",
	"SeriesDescription": "T1w",
	"ProtocolName": "T1w",
	"ScanningSequence": "RM_IR",
	"SequenceVariant": "NONE",
	"ScanOptions": "EDR_GEMS_ACC_GEMS_FSS_GEMS_IR_GEMS",
	"ImageType": ["ORIGINAL", "PRIMARY", "OTHER"],
	"SeriesNumber": 27,
	"AcquisitionTime": "15:40:4.000000",
	"AcquisitionNumber": 1,
	"SliceThickness": 1,
	"SpacingBetweenSlices": 1,
	"SAR": 0.0660003,
	"EchoTime": 0.002376,
	"RepetitionTime": 2.27064,
	"InversionTime": 0.9,
	"FlipAngle": 8,
	"CoilString": "21HN",
	"PercentPhaseFOV": 100,
	"AcquisitionMatrixPE": 180,
	"ReconMatrixPE": 256,
	"PixelBandwidth": 244.141,
	"ImageOrientationPatientDICOM": [
		1,
		-0,
		0,
		-0,
		-0,
		-1	],
	"InPlanePhaseEncodingDirectionDICOM": "ROW",
	"ConversionSoftware": "dcm2niix",
	"ConversionSoftwareVersion": "v1.0.20181125  (JP2:OpenJPEG) (JP-LS:CharLS) GCC5.5.0"
}
