{
	"Modality": "MR",
	"MagneticFieldStrength": 3,
	"ImagingFrequency": 127.762,
	"Manufacturer": "GE",
	"ManufacturersModelName": "Orchestra_SDK",
	"InstitutionName": "Lucas_Center",
	"DeviceSerialNumber": "0000415723SHMR18",
	"StationName": "No2",
	"PatientPosition": "HFS",
	"SoftwareVersions": "29_Orchestra_SDK",
	"MRAcquisitionType": "2D",
	"SeriesDescription": "force_abs",
	"ProtocolName": "force_abs",
	"ScanningSequence": "EP_RM",
	"SequenceVariant": "NONE",
	"ScanOptions": "MP_GEMS_EPI_GEMS",
	"ImageType": ["ORIGINAL", "PRIMARY", "OTHER"],
	"SeriesNumber": 18,
	"AcquisitionTime": "14:23:36.000000",
	"AcquisitionNumber": 1,
	"SliceThickness": 5,
	"SpacingBetweenSlices": 5,
	"TaskName": "force_abs",
	"SAR": 0.0876938,
	"EchoTime": 0.03,
	"RepetitionTime": 2.6,
	"FlipAngle": 80,
	"PhaseEncodingPolarityGE": "Flipped",
	"CoilString": "21HN",
	"PartialFourier": 0.03125,
	"PercentPhaseFOV": 100,
	"EchoTrainLength": 2,
	"AcquisitionMatrixPE": 64,
	"ReconMatrixPE": 64,
	"PixelBandwidth": 3906.25,
	"PhaseEncodingDirection": "j",
	"ImageOrientationPatientDICOM": [
		1,
		-0,
		0,
		-0,
		1,
		0	],
	"InPlanePhaseEncodingDirectionDICOM": "COL",
	"ConversionSoftware": "dcm2niix",
	"PhaseEncodingDirection": "j",
	"ConversionSoftwareVersion": "v1.0.20181125  (JP2:OpenJPEG) (JP-LS:CharLS) GCC5.5.0"
}
